PATH
  remote: .
  specs:
    twurl (0.9.2)
      oauth (~> 0.4)

GEM
  remote: https://rubygems.org/
  specs:
    coveralls (0.7.0)
      multi_json (~> 1.3)
      rest-client
      simplecov (>= 0.7)
      term-ansicolor
      thor
    docile (1.1.3)
    json (1.8.1)
    mime-types (1.25.1)
    minitest (5.3.2)
    multi_json (1.9.2)
    oauth (0.4.7)
    rake (10.2.2)
    rest-client (1.6.7)
      mime-types (>= 1.16)
    rr (1.1.2)
    simplecov (0.8.2)
      docile (~> 1.1.0)
      multi_json
      simplecov-html (~> 0.8.0)
    simplecov-html (0.8.0)
    term-ansicolor (1.3.0)
      tins (~> 1.0)
    thor (0.19.1)
    tins (1.1.0)

PLATFORMS
  ruby

DEPENDENCIES
  bundler (~> 1.0)
  coveralls
  jruby-openssl
  json
  mime-types (~> 1.25)
  minitest (>= 5)
  rake
  rr (>= 1.1)
  simplecov
  twurl!
